GEM
  remote: https://rubygems.org/
  specs:
    serialport (1.3.1)

PLATFORMS
  ruby

DEPENDENCIES
  serialport

RUBY VERSION
   ruby 2.7.0p0

BUNDLED WITH
   2.1.2
